RESTRICTION: || (== net472) (== netcoreapp2.2) (== netstandard2.0)
NUGET
  remote: https://api.nuget.org/v3/index.json
    Be.Vlaanderen.Basisregisters.Build.Pipeline (1.6.1)
    FAKE (4.64.13)
